GEM
  remote: https://rubygems.org/
  specs:
    bcp47 (0.3.3)
      i18n
    chunky_png (1.4.0)
    concurrent-ruby (1.1.10)
    date_time_precision (0.8.1)
    fhir_models (4.2.1)
      bcp47 (>= 0.3)
      date_time_precision (>= 0.8)
      mime-types (>= 3.0)
      nokogiri (>= 1.11.4)
    health_cards (1.0.0)
      fhir_models (>= 4.0.0)
      rqrcode
      rqrcode_core (>= 1.2.0)
    i18n (1.10.0)
      concurrent-ruby (~> 1.0)
    io-console (0.5.11)
    irb (1.4.1)
      reline (>= 0.3.0)
    mime-types (3.4.1)
      mime-types-data (~> 3.2015)
    mime-types-data (3.2022.0105)
    nokogiri (1.13.4-x86_64-linux)
      racc (~> 1.4)
    racc (1.6.0)
    reline (0.3.1)
      io-console (~> 0.5)
    rqrcode (2.1.1)
      chunky_png (~> 1.0)
      rqrcode_core (~> 1.0)
    rqrcode_core (1.2.0)

PLATFORMS
  x86_64-linux

DEPENDENCIES
  health_cards (~> 1.0)
  irb (~> 1.3)

BUNDLED WITH
   2.2.26
